PATH
  remote: .
  specs:
    refine_tree (0.1.0)

GEM
  remote: https://rubygems.org/
  specs:
    lrama (0.6.9)
    minitest (5.24.1)
    rake (13.2.1)
    rake-compiler (1.2.7)
      rake

PLATFORMS
  ruby
  x86_64-linux

DEPENDENCIES
  lrama (~> 0.6)
  minitest
  rake (~> 13.0)
  rake-compiler
  refine_tree!

BUNDLED WITH
   2.6.0.dev
